PATH
  remote: .
  specs:
    ldap-group-manager (1.3.3)
      amazing_print
      net-ldap (~> 0.16.1)
      ougai (~> 1.7)
      thor (~> 0.20.0)

GEM
  remote: https://rubygems.org/
  specs:
    amazing_print (1.4.0)
    net-ldap (0.16.3)
    oj (3.13.11)
    ougai (1.9.1)
      oj (~> 3.10)
    thor (0.20.3)

PLATFORMS
  ruby

DEPENDENCIES
  ldap-group-manager!

BUNDLED WITH
   2.3.10
