PATH
  remote: .
  specs:
    ldap-group-manager (0.1.0)
      awesome_print
      net-ldap (~> 0.16.1)
      ougai (~> 1.7)
      thor (~> 0.20.0)

GEM
  remote: https://rubygems.org/
  specs:
    awesome_print (1.8.0)
    net-ldap (0.16.1)
    oj (3.6.8)
    ougai (1.7.0)
      oj (~> 3.4)
    thor (0.20.0)

PLATFORMS
  ruby

DEPENDENCIES
  ldap-group-manager!

BUNDLED WITH
   1.16.2
