GEM
  remote: https://rubygems.org/
  specs:
    awesome_print (1.8.0)
    hashdiff (0.3.7)
    net-ldap (0.16.1)
    oj (3.6.4)
    ougai (1.7.0)
      oj (~> 3.4)
    thor (0.20.0)

PLATFORMS
  ruby

DEPENDENCIES
  awesome_print (~> 1.8)
  hashdiff (~> 0.3.7)
  net-ldap (~> 0.16.1)
  ougai (~> 1.7)
  thor (~> 0.20.0)

BUNDLED WITH
   1.16.2
